PATH
  remote: .
  specs:
    sinatra-subdomain (0.1.2)
      addressable
      sinatra

GEM
  remote: http://rubygems.org/
  specs:
    addressable (2.3.5)
    awesome_print (1.1.0)
    coderay (1.0.8)
    diff-lcs (1.1.3)
    method_source (0.8.1)
    pry (0.9.12)
      coderay (~> 1.0.5)
      method_source (~> 0.8)
      slop (~> 3.4)
    rack (1.5.2)
    rack-protection (1.5.0)
      rack
    rack-test (0.6.2)
      rack (>= 1.0)
    rake (10.0.3)
    rspec (2.12.0)
      rspec-core (~> 2.12.0)
      rspec-expectations (~> 2.12.0)
      rspec-mocks (~> 2.12.0)
    rspec-core (2.12.2)
    rspec-expectations (2.12.1)
      diff-lcs (~> 1.1.3)
    rspec-mocks (2.12.2)
    sinatra (1.4.3)
      rack (~> 1.4)
      rack-protection (~> 1.4)
      tilt (~> 1.3, >= 1.3.4)
    slop (3.4.3)
    tilt (1.4.1)

PLATFORMS
  ruby

DEPENDENCIES
  addressable
  awesome_print
  pry
  rack-test
  rake
  rspec
  sinatra-subdomain!
